FRAMEWORK: >= NET45
NUGET
  remote: http://api.nuget.org/v3/index.json
    FAKE (4.63)
    FSharp.Data (2.3.3)
    Unquote (3.2)
    xunit (2.2)
      xunit.assert (2.2)
      xunit.core (2.2)
    xunit.abstractions (2.0.1) - framework: >= net452
    xunit.assert (2.2)
    xunit.core (2.2)
      xunit.extensibility.core (2.2)
      xunit.extensibility.execution (2.2)
    xunit.extensibility.core (2.2)
      xunit.abstractions (>= 2.0.1) - framework: >= net452
    xunit.extensibility.execution (2.2)
      xunit.extensibility.core (2.2) - framework: >= net452
    xunit.runner.console (2.2)
    xunit.runner.visualstudio (2.2.0) - version_in_path: true
